GIT
  remote: https://github.com/nex3/haml.git
  revision: 46d64d1123a9b11e89ecad61bc18dae22f5d3f5e
  specs:
    haml (3.2.0.alpha.0)

GEM
  remote: http://rubygems.org/
  specs:
    daemons (1.0.10)
    frank (1.0.9)
      haml (~> 3.0)
      mongrel (~> 1.2.0.pre2)
      net-scp (~> 1.0)
      net-ssh (~> 2.0)
      rack (~> 1.1)
      tilt (~> 1.3)
    gem_plugin (0.2.3)
    mongrel (1.2.0.pre2)
      daemons (~> 1.0.10)
      gem_plugin (~> 0.2.3)
    net-scp (1.0.4)
      net-ssh (>= 1.99.1)
    net-ssh (2.2.1)
    rack (1.3.4)
    rdiscount (1.6.8)
    sass (3.1.10)
    tilt (1.3.3)

PLATFORMS
  ruby

DEPENDENCIES
  frank
  haml!
  rdiscount
  sass
